GEM
  remote: https://rubygems.org/
  specs:
    hacker (0.0.1)

PLATFORMS
  ruby

DEPENDENCIES
  hacker

BUNDLED WITH
   2.0.1
